GEM
  remote: https://rubygems.org/
  specs:
    autoprefixer-rails (6.3.7)
      execjs
    colorator (1.1.0)
    em-websocket (0.5.1)
      eventmachine (>= 0.12.9)
      http_parser.rb (~> 0.6.0)
    eventmachine (1.2.0.1)
    execjs (2.7.0)
    ffi (1.9.14)
    forwardable-extended (2.6.0)
    hawkins (2.0.3)
      em-websocket (~> 0.5)
      jekyll (~> 3.1)
    http_parser.rb (0.6.0)
    jekyll (3.2.1)
      colorator (~> 1.0)
      jekyll-sass-converter (~> 1.0)
      jekyll-watch (~> 1.1)
      kramdown (~> 1.3)
      liquid (~> 3.0)
      mercenary (~> 0.3.3)
      pathutil (~> 0.9)
      rouge (~> 1.7)
      safe_yaml (~> 1.0)
    jekyll-autoprefixer (1.0.0)
      autoprefixer-rails (~> 6.3.6)
    jekyll-sass-converter (1.4.0)
      sass (~> 3.4)
    jekyll-seo-tag (2.0.0)
      jekyll (~> 3.1)
    jekyll-stitch-plus (1.0.3)
      stitch-plus (~> 1.0.9)
    jekyll-watch (1.5.0)
      listen (~> 3.0, < 3.1)
    kramdown (1.12.0)
    liquid (3.0.6)
    listen (3.0.8)
      rb-fsevent (~> 0.9, >= 0.9.4)
      rb-inotify (~> 0.9, >= 0.9.7)
    mercenary (0.3.6)
    pathutil (0.14.0)
      forwardable-extended (~> 2.6)
    rb-fsevent (0.9.7)
    rb-inotify (0.9.7)
      ffi (>= 0.5.0)
    rouge (1.11.1)
    safe_yaml (1.0.4)
    sass (3.4.22)
    stitch-plus (1.0.9)
      colorator (>= 0.1)
      stitch-rb (>= 0.0.8)
    stitch-rb (0.0.8)
    uglifier (3.0.2)
      execjs (>= 0.3.0, < 3)

PLATFORMS
  ruby

DEPENDENCIES
  hawkins
  jekyll
  jekyll-autoprefixer
  jekyll-seo-tag
  jekyll-stitch-plus
  uglifier

BUNDLED WITH
   1.13.1
